GEM
  remote: https://rubygems.org/
  specs:
    httparty (0.14.0)
      multi_xml (>= 0.5.2)
    httpclient (2.8.3)
    json (2.1.0)
    multi_xml (0.6.0)
    multipart-post (2.0.0)
    oauth (0.5.1)
    vimeo (1.5.4)
      httparty (>= 0.4.5)
      httpclient (>= 2.1.5.2)
      json (>= 1.1.9)
      multipart-post (>= 1.0.1)
      oauth (>= 0.4.3)

PLATFORMS
  ruby

DEPENDENCIES
  vimeo

BUNDLED WITH
   1.14.6
