GIT
  remote: https://github.com/jamiew/vimeo_me2/
  revision: 31efd0d3daef9fe5c6238633085b1c090197f616
  specs:
    vimeo_me2 (1.1.2)
      httparty (~> 0.14.0)

GEM
  remote: https://rubygems.org/
  specs:
    dotenv (2.0.1)
    httparty (0.14.0)
      multi_xml (>= 0.5.2)
    multi_xml (0.6.0)

PLATFORMS
  ruby

DEPENDENCIES
  dotenv
  vimeo_me2!

BUNDLED WITH
   1.14.6
